GEM
  remote: https://rubygems.org/
  specs:
    unicode_utils (1.4.0)

PLATFORMS
  ruby

DEPENDENCIES
  unicode_utils

BUNDLED WITH
   1.16.0.pre.3
